GEM
  remote: https://rubygems.org/
  specs:
    activesupport (6.0.3.1)
      concurrent-ruby (~> 1.0, >= 1.0.2)
      i18n (>= 0.7, < 2)
      minitest (~> 5.1)
      tzinfo (~> 1.1)
      zeitwerk (~> 2.2, >= 2.2.2)
    addressable (2.8.0)
      public_suffix (>= 2.0.2, < 5.0)
    colorator (1.1.0)
    concurrent-ruby (1.1.9)
    em-websocket (0.5.3)
      eventmachine (>= 0.12.9)
      http_parser.rb (~> 0)
    eventmachine (1.2.7)
    faraday (1.5.1)
      faraday-em_http (~> 1.0)
      faraday-em_synchrony (~> 1.0)
      faraday-excon (~> 1.1)
      faraday-httpclient (~> 1.0.1)
      faraday-net_http (~> 1.0)
      faraday-net_http_persistent (~> 1.1)
      faraday-patron (~> 1.0)
      multipart-post (>= 1.2, < 3)
      ruby2_keywords (>= 0.0.4)
    faraday-em_http (1.0.0)
    faraday-em_synchrony (1.0.0)
    faraday-excon (1.1.0)
    faraday-httpclient (1.0.1)
    faraday-net_http (1.0.1)
    faraday-net_http_persistent (1.2.0)
    faraday-patron (1.0.0)
    ffi (1.15.5)
    forwardable-extended (2.6.0)
    gemoji (3.0.1)
    html-pipeline (2.12.3)
      activesupport (>= 2)
      nokogiri (>= 1.4)
    http_parser.rb (0.8.0)
    i18n (1.10.0)
      concurrent-ruby (~> 1.0)
    jekyll (4.2.2)
      addressable (~> 2.4)
      colorator (~> 1.0)
      em-websocket (~> 0.5)
      i18n (~> 1.0)
      jekyll-sass-converter (~> 2.0)
      jekyll-watch (~> 2.0)
      kramdown (~> 2.3)
      kramdown-parser-gfm (~> 1.0)
      liquid (~> 4.0)
      mercenary (~> 0.4.0)
      pathutil (~> 0.9)
      rouge (~> 3.0)
      safe_yaml (~> 1.0)
      terminal-table (~> 2.0)
    jekyll-feed (0.16.0)
      jekyll (>= 3.7, < 5.0)
    jekyll-gist (1.5.0)
      octokit (~> 4.2)
    jekyll-paginate (1.1.0)
    jekyll-sass-converter (2.2.0)
      sassc (> 2.0.1, < 3.0)
    jekyll-sitemap (1.4.0)
      jekyll (>= 3.7, < 5.0)
    jekyll-watch (2.2.1)
      listen (~> 3.0)
    jemoji (0.12.0)
      gemoji (~> 3.0)
      html-pipeline (~> 2.2)
      jekyll (>= 3.0, < 5.0)
    kramdown (2.3.1)
      rexml
    kramdown-parser-gfm (1.1.0)
      kramdown (~> 2.0)
    liquid (4.0.3)
    listen (3.7.1)
      rb-fsevent (~> 0.10, >= 0.10.3)
      rb-inotify (~> 0.9, >= 0.9.10)
    mercenary (0.4.0)
    mini_portile2 (2.8.0)
    minitest (5.13.0)
    multipart-post (2.1.1)
    nokogiri (1.13.6)
      mini_portile2 (~> 2.8.0)
      racc (~> 1.4)
    octokit (4.21.0)
      faraday (>= 0.9)
      sawyer (~> 0.8.0, >= 0.5.3)
    pathutil (0.16.2)
      forwardable-extended (~> 2.6)
    public_suffix (4.0.6)
    racc (1.6.0)
    rb-fsevent (0.11.1)
    rb-inotify (0.10.1)
      ffi (~> 1.0)
    rexml (3.2.5)
    rouge (3.28.0)
    ruby2_keywords (0.0.5)
    safe_yaml (1.0.5)
    sassc (2.4.0)
      ffi (~> 1.9)
    sawyer (0.8.2)
      addressable (>= 2.3.5)
      faraday (> 0.8, < 2.0)
    terminal-table (2.0.0)
      unicode-display_width (~> 1.1, >= 1.1.1)
    thread_safe (0.3.6)
    tzinfo (1.2.7)
      thread_safe (~> 0.1)
    unicode-display_width (1.8.0)
    zeitwerk (2.3.0)

PLATFORMS
  ruby

DEPENDENCIES
  jekyll
  jekyll-feed
  jekyll-gist
  jekyll-paginate
  jekyll-sitemap
  jemoji

BUNDLED WITH
   2.1.4
